NUGET
  remote: https://api.nuget.org/v3/index.json
    coverlet.collector (1.2)
    FSharp.Core (4.7.1)
    FsLexYacc (10.0)
      FSharp.Core (>= 4.3.4)
      FsLexYacc.Runtime (>= 10.0 < 10.1)
    FsLexYacc.Runtime (10.0)
      FSharp.Core (>= 4.3.4)
    FsUnit.xUnit (3.8)
      FSharp.Core (>= 4.2.3) - restriction: || (>= net46) (>= netstandard2.0)
      NETStandard.Library (>= 2.0.3) - restriction: && (< net46) (>= netstandard2.0)
      NHamcrest (>= 2.0.1 < 2.1) - restriction: || (>= net46) (>= netstandard2.0)
      xunit (>= 2.4.1 < 2.5) - restriction: || (>= net46) (>= netstandard2.0)
    Microsoft.CodeCoverage (16.5) - restriction: || (>= net45) (>= netcoreapp2.1)
    Microsoft.NET.Test.Sdk (16.5)
      Microsoft.CodeCoverage (>= 16.5) - restriction: || (>= net45) (>= netcoreapp2.1)
      Microsoft.TestPlatform.TestHost (>= 16.5) - restriction: >= netcoreapp2.1
      Newtonsoft.Json (>= 9.0.1) - restriction: >= uap10.0
      System.ComponentModel.Primitives (>= 4.1) - restriction: >= uap10.0
      System.ComponentModel.TypeConverter (>= 4.1) - restriction: >= uap10.0
      System.Runtime.InteropServices.RuntimeInformation (>= 4.0) - restriction: >= uap10.0
    Microsoft.NETCore.Platforms (3.1) - restriction: || (&& (>= net45) (< netstandard1.3) (>= netstandard2.0)) (&& (< net45) (>= netstandard2.0)) (&& (< net46) (>= net461) (>= netstandard2.0)) (>= netcoreapp2.0) (&& (< netstandard1.0) (>= netstandard2.0) (< portable-net45+win8)) (&& (< netstandard1.0) (>= netstandard2.0) (>= win8)) (&& (< netstandard1.0) (>= netstandard2.0) (< win8)) (&& (< netstandard1.3) (>= netstandard2.0) (< win8) (>= wpa81)) (&& (< netstandard1.5) (>= netstandard2.0) (>= uap10.0)) (&& (>= netstandard2.0) (< portable-net45+win8+wpa81)) (&& (>= netstandard2.0) (>= uap10.1)) (&& (>= netstandard2.0) (>= wp8))
    Microsoft.TestPlatform.ObjectModel (16.5) - restriction: >= netcoreapp2.1
      NuGet.Frameworks (>= 5.0) - restriction: || (>= net451) (>= netstandard2.0)
    Microsoft.TestPlatform.TestHost (16.5) - restriction: >= netcoreapp2.1
      Microsoft.TestPlatform.ObjectModel (>= 16.5) - restriction: || (>= netcoreapp2.1) (>= uap10.0)
      Newtonsoft.Json (>= 9.0.1) - restriction: || (>= netcoreapp2.1) (>= uap10.0)
    Mono.Cecil (0.11.2)
    NETStandard.Library (2.0.3) - restriction: || (&& (< net35) (>= netstandard1.1) (< netstandard2.0)) (&& (< net452) (>= netstandard1.1)) (&& (< net46) (>= netstandard2.0))
      Microsoft.NETCore.Platforms (>= 1.1) - restriction: || (&& (>= net45) (< netstandard1.3)) (&& (< net45) (>= netstandard1.1) (< netstandard1.2) (< win8)) (&& (< net45) (>= netstandard1.2) (< netstandard1.3) (< win8) (< wpa81)) (&& (< net45) (>= netstandard1.3) (< netstandard1.4) (< win8) (< wpa81)) (&& (< net45) (>= netstandard1.4) (< netstandard1.5) (< win8) (< wpa81)) (&& (< net45) (>= netstandard1.5) (< netstandard1.6) (< win8) (< wpa81)) (&& (< net45) (>= netstandard1.6) (< netstandard2.0) (< win8) (< wpa81)) (&& (< net45) (>= netstandard2.0)) (&& (>= net46) (< netstandard1.4)) (>= net461) (>= netcoreapp2.0) (&& (>= netstandard1.0) (< portable-net45+win8+wpa81)) (&& (< netstandard1.0) (>= portable-net45+win8) (< win8)) (&& (< netstandard1.0) (< portable-net45+win8) (>= portable-net45+win8+wpa81)) (&& (< netstandard1.0) (>= portable-net45+win8+wp8+wpa81) (< portable-net45+win8+wpa81)) (&& (< netstandard1.0) (>= win8)) (&& (< netstandard1.3) (< win8) (>= wpa81)) (&& (< netstandard1.5) (>= uap10.0)) (>= uap10.1) (>= wp8)
    Newtonsoft.Json (12.0.3) - restriction: || (>= netstandard2.0) (>= uap10.0)
    NHamcrest (2.0.1) - restriction: || (>= net46) (>= netstandard2.0)
      NETStandard.Library (>= 1.6.1) - restriction: && (< net451) (>= netstandard1.5)
    NuGet.Frameworks (5.5) - restriction: >= netcoreapp2.1
    Ooui (0.12.309)
      Newtonsoft.Json (>= 10.0.2) - restriction: >= netstandard2.0
    System.ComponentModel.Primitives (4.3) - restriction: >= uap10.0
    System.ComponentModel.TypeConverter (4.3) - restriction: >= uap10.0
      System.ComponentModel.Primitives (>= 4.3) - restriction: || (&& (< monoandroid) (< monotouch) (< net45) (>= netstandard1.5) (< win8) (< xamarinios) (< xamarinmac) (< xamarintvos) (< xamarinwatchos)) (&& (< monoandroid) (< net45) (>= netstandard1.0) (< netstandard1.5) (< win8)) (&& (>= net45) (< netstandard1.5)) (>= net462) (&& (< netstandard1.0) (>= win8)) (>= wp8) (>= wpa81)
    System.Runtime.InteropServices.RuntimeInformation (4.3) - restriction: >= uap10.0
    xunit (2.4.1)
      xunit.analyzers (>= 0.10)
      xunit.assert (2.4.1)
      xunit.core (2.4.1)
    xunit.abstractions (2.0.3) - restriction: >= netstandard1.1
      NETStandard.Library (>= 1.6) - restriction: && (< net35) (>= netstandard1.0) (< netstandard2.0)
    xunit.analyzers (0.10)
    xunit.assert (2.4.1)
      NETStandard.Library (>= 1.6.1) - restriction: && (< net452) (>= netstandard1.1)
    xunit.core (2.4.1)
      xunit.extensibility.core (2.4.1)
      xunit.extensibility.execution (2.4.1)
    xunit.extensibility.core (2.4.1)
      NETStandard.Library (>= 1.6.1) - restriction: && (< net452) (>= netstandard1.1)
      xunit.abstractions (>= 2.0.3) - restriction: >= netstandard1.1
    xunit.extensibility.execution (2.4.1)
      NETStandard.Library (>= 1.6.1) - restriction: && (< net452) (>= netstandard1.1)
      xunit.extensibility.core (2.4.1) - restriction: >= netstandard1.1
    xunit.runner.visualstudio (2.4.1)
      Microsoft.NET.Test.Sdk (>= 15.0) - restriction: >= netcoreapp1.0
